GIT
  remote: git://github.com/theforeman/smart-proxy.git
  revision: 93c566e1615f50df9f6ef0731b61be299473c699
  branch: develop
  specs:
    smart_proxy (1.8.0.develop)
      json (~> 1.8)
      rack (~> 1.5)
      sinatra (~> 1.4)

PATH
  remote: .
  specs:
    smart_proxy_discovery (1.0.0)
      rack-contrib
      rest-client

GEM
  remote: https://rubygems.org/
  specs:
    addressable (2.3.6)
    coderay (1.1.0)
    crack (0.4.2)
      safe_yaml (~> 1.0.0)
    json (1.8.2)
    metaclass (0.0.4)
    method_source (0.8.2)
    mime-types (2.4.3)
    mocha (1.1.0)
      metaclass (~> 0.0.1)
    netrc (0.10.2)
    pry (0.10.1)
      coderay (~> 1.1.0)
      method_source (~> 0.8.1)
      slop (~> 3.4)
    rack (1.6.0)
    rack-contrib (1.2.0)
      rack (>= 0.9.1)
    rack-protection (1.5.3)
      rack
    rack-test (0.6.2)
      rack (>= 1.0)
    rake (10.4.2)
    rest-client (1.7.2)
      mime-types (>= 1.16, < 3.0)
      netrc (~> 0.7)
    safe_yaml (1.0.4)
    sinatra (1.4.5)
      rack (~> 1.4)
      rack-protection (~> 1.4)
      tilt (~> 1.3, >= 1.3.4)
    slop (3.6.0)
    tilt (1.4.1)
    webmock (1.20.0)
      addressable (>= 2.3.6)
      crack (>= 0.3.2)

PLATFORMS
  ruby

DEPENDENCIES
  mocha
  pry
  rack-test
  rake
  smart_proxy!
  smart_proxy_discovery!
  webmock
